GEM
  remote: http://rubygems.org/
  specs:
    bson (1.2.0)
    bson_ext (1.2.0)
    faker (0.9.4)
      i18n (~> 0.4)
    i18n (0.5.0)
    mocha (0.9.10)
      rake
    mongo (1.2.0)
      bson (>= 1.2.0)
    rake (0.8.7)
    rvm (1.2.4)
    test-spec (0.10.0)
    test-unit (2.1.2)
    wirble (0.1.3)

PLATFORMS
  ruby

DEPENDENCIES
  bson_ext (~> 1.2.0)
  faker
  mocha
  mongo (~> 1.2.0)
  rvm
  test-spec
  test-unit
  wirble
