GEM
  remote: http://rubygems.org/
  specs:
    ZenTest (4.4.2)
    autotest (4.4.6)
      ZenTest (>= 4.4.1)
    autotest-notification (2.3.1)
      autotest (~> 4.3)
    bson (1.2.0)
    bson_ext (1.2.0)
    diff-lcs (1.1.2)
    faker (0.9.4)
      i18n (~> 0.4)
    i18n (0.5.0)
    mongo (1.2.0)
      bson (>= 1.2.0)
    rspec (2.4.0)
      rspec-core (~> 2.4.0)
      rspec-expectations (~> 2.4.0)
      rspec-mocks (~> 2.4.0)
    rspec-core (2.4.0)
    rspec-expectations (2.4.0)
      diff-lcs (~> 1.1.2)
    rspec-mocks (2.4.0)
    rvm (1.2.4)
    wirble (0.1.3)

PLATFORMS
  ruby

DEPENDENCIES
  ZenTest
  autotest-notification
  bson_ext (~> 1.2.0)
  faker
  mongo (~> 1.2.0)
  rspec
  rvm
  wirble
